GEM
  remote: https://rubygems.org/
  specs:
    akami (1.2.0)
      gyoku (>= 0.4.0)
      nokogiri (>= 1.4.0)
    builder (3.2.2)
    diff-lcs (1.2.4)
    gyoku (1.1.0)
      builder (>= 2.1.2)
    httpi (2.1.0)
      rack
      rubyntlm (~> 0.3.2)
    multi_json (1.8.0)
    nokogiri (1.5.10)
    nori (2.3.0)
    rack (1.5.2)
    rake (10.0.4)
    rspec (2.14.1)
      rspec-core (~> 2.14.0)
      rspec-expectations (~> 2.14.0)
      rspec-mocks (~> 2.14.0)
    rspec-core (2.14.5)
    rspec-expectations (2.14.3)
      diff-lcs (>= 1.1.3, < 2.0)
    rspec-mocks (2.14.3)
    rubyntlm (0.3.4)
    savon (2.3.0)
      akami (~> 1.2.0)
      builder (>= 2.1.2)
      gyoku (~> 1.1.0)
      httpi (~> 2.1.0)
      nokogiri (>= 1.4.0, < 1.6)
      nori (~> 2.3.0)
      wasabi (~> 3.2.0)
    simplecov (0.7.1)
      multi_json (~> 1.0)
      simplecov-html (~> 0.7.1)
    simplecov-html (0.7.1)
    wasabi (3.2.0)
      httpi (~> 2.0)
      nokogiri (>= 1.4.0, < 1.6)

PLATFORMS
  ruby

DEPENDENCIES
  rake
  rspec
  savon (~> 2.0)
  simplecov
